RESTRICTION: == net46
NUGET
  remote: https://www.nuget.org/api/v2
    Argu (3.7)
    CommonMark.NET (0.15.1)
    dotless (1.5.2)
    Expecto (4.1.1)
      Argu (>= 3.7)
      FSharp.Core (>= 3.1.2.5)
      Mono.Cecil (>= 0.9.6.4)
    FAKE (4.61.3)
    FSharp.Compiler.Service (23.0.3)
      FSharp.Core (>= 4.1.18)
      System.Collections.Immutable (>= 1.3.1)
      System.Reflection.Metadata (>= 1.4.2)
      System.ValueTuple (>= 4.3.1)
    FSharp.Configuration (1.3)
      FSharp.Core (>= 4.0.0.1)
    FSharp.Core (4.1.18)
    FSharp.Quotations.Evaluator (1.0.7)
    FsYaml (2.2)
      FSharp.Configuration (>= 0.4.10)
      YamlDotNet (>= 3.8)
    Mono.Cecil (0.9.6.4)
    Suave (2.1.1)
      FSharp.Core (>= 4.0.0.1)
    System.Collections.Immutable (1.3.1)
    System.Reflection.Metadata (1.4.2)
      System.Collections.Immutable (>= 1.3.1)
    System.ValueTuple (4.5)
    YamlDotNet (4.2.1)
